GEM
  remote: https://rubygems.org/
  specs:
    rufus-scheduler (3.2.0)

PLATFORMS
  ruby

DEPENDENCIES
  rufus-scheduler

BUNDLED WITH
   1.10.6
